GEM
  remote: https://rubygems.org/
  specs:
    addressable (2.3.6)
    carrier-pigeon (0.7.0)
      addressable

PLATFORMS
  ruby

DEPENDENCIES
  carrier-pigeon
