GEM
  remote: https://rubygems.org/
  specs:
    addressable (2.8.0)
      public_suffix (>= 2.0.2, < 5.0)
    carrier-pigeon (0.7.0)
      addressable
    public_suffix (4.0.6)

PLATFORMS
  ruby

DEPENDENCIES
  carrier-pigeon
